PATH
  remote: .
  specs:
    todo (0.1.0)

GEM
  remote: https://rubygems.org/
  specs:
    activemodel (5.0.7)
      activesupport (= 5.0.7)
    activerecord (5.0.7)
      activemodel (= 5.0.7)
      activesupport (= 5.0.7)
      arel (~> 7.0)
    activesupport (5.0.7)
      concurrent-ruby (~> 1.0, >= 1.0.2)
      i18n (>= 0.7, < 2)
      minitest (~> 5.1)
      tzinfo (~> 1.1)
    arel (7.1.4)
    concurrent-ruby (1.0.5)
    i18n (1.0.1)
      concurrent-ruby (~> 1.0)
    minitest (5.11.3)
    rake (10.5.0)
    sqlite3 (1.3.13)
    thread_safe (0.3.6)
    tzinfo (1.2.5)
      thread_safe (~> 0.1)
    yard (0.9.14)

PLATFORMS
  ruby

DEPENDENCIES
  activerecord (~> 5.0.0)
  bundler (~> 1.16)
  minitest (~> 5.0)
  rake (~> 10.0)
  sqlite3 (~> 1.3.0)
  todo!
  yard (~> 0.9)

BUNDLED WITH
   1.16.1
